GIT
  remote: git://github.com/intridea/grape.git
  revision: bed7867558ea2117824c85a043f77116ea95afd3
  branch: frontier
  specs:
    grape (0.2.0)
      hashie (~> 1.2)
      multi_json
      multi_xml
      rack
      rack-mount

GEM
  remote: http://rubygems.org/
  specs:
    hashie (1.2.0)
    kgio (2.7.4)
    multi_json (1.3.6)
    multi_xml (0.5.1)
    rack (1.4.1)
    rack-mount (0.8.3)
      rack (>= 1.0.0)
    raindrops (0.9.0)
    unicorn (4.3.1)
      kgio (~> 2.6)
      rack
      raindrops (~> 0.7)

PLATFORMS
  ruby

DEPENDENCIES
  grape!
  puma
  unicorn
